GEM
  remote: http://rubygems.org/
  specs:
    breakpoint (2.4.6)
      sass (~> 3.3.0)
      sassy-maps (< 1.0.0)
    chunky_png (1.3.4)
    color-schemer (0.2.8)
      compass-blend-modes (~> 0.0.2)
    compass (1.0.3)
      chunky_png (~> 1.2)
      compass-core (~> 1.0.2)
      compass-import-once (~> 1.0.5)
      rb-fsevent (>= 0.9.3)
      rb-inotify (>= 0.9)
      sass (>= 3.3.13, < 3.5)
    compass-blend-modes (0.0.2)
      compass
    compass-core (1.0.3)
      multi_json (~> 1.0)
      sass (>= 3.3.0, < 3.5)
    compass-import-once (1.0.5)
      sass (>= 3.2, < 3.5)
    compass-normalize (1.5)
      compass (>= 0.12.0)
    ffi (1.9.8)
    hologram (1.2.0)
      redcarpet (>= 2.2, < 4.0)
      rouge (>= 1.5)
    modular-scale (2.0.6)
      compass (>= 0.12.0)
    multi_json (1.11.0)
    rb-fsevent (0.9.4)
    rb-inotify (0.9.5)
      ffi (>= 0.5.0)
    redcarpet (3.2.3)
    rouge (1.8.0)
    sass (3.3.14)
    sassy-maps (0.4.0)
      sass (~> 3.3)
    singularitygs (1.2.3)
      breakpoint (~> 2.4)
      sass (~> 3.3.0)
    susy (2.1.3)
      sass (>= 3.3.0, < 3.5)
    toolkit (2.0.1)
      sass (~> 3.3.0)

PLATFORMS
  ruby

DEPENDENCIES
  breakpoint (~> 2.4.0)
  color-schemer (~> 0.2.8)
  compass (~> 1.0.0.alpha.17)
  compass-normalize (~> 1.5)
  hologram (~> 1.2.0)
  modular-scale (~> 2.0.4)
  sass (~> 3.3.0)
  singularitygs (~> 1.2.0)
  susy (~> 2.1.3)
  toolkit (~> 2.0.0)
