GEM
  remote: https://rubygems.org/
  specs:
    breakpoint (2.4.2)
      sass (~> 3.3.0)
      sassy-maps (< 1.0.0)
    chunky_png (1.3.1)
    color-schemer (0.2.8)
      compass-blend-modes (~> 0.0.2)
    compass (1.0.0.alpha.20)
      chunky_png (~> 1.2)
      compass-core (~> 1.0.0.alpha.20)
      compass-import-once (~> 1.0.4)
      rb-fsevent (>= 0.9.3)
      rb-inotify (>= 0.9)
      sass (>= 3.3.0, < 3.5)
    compass-blend-modes (0.0.2)
      compass
    compass-core (1.0.0.alpha.20)
      multi_json (~> 1.0)
      sass (>= 3.3.0, < 3.5)
    compass-import-once (1.0.4)
      sass (>= 3.2, < 3.5)
    ffi (1.9.3)
    multi_json (1.10.1)
    rb-fsevent (0.9.4)
    rb-inotify (0.9.5)
      ffi (>= 0.5.0)
    rvm (1.11.3.9)
    sass (3.3.9)
    sass-globbing (1.1.1)
      sass (>= 3.1)
    sassy-maps (0.4.0)
      sass (~> 3.3)
    sassy-strings (1.0.0)
      compass (>= 0.12.2)
    singularitygs (1.2.1)
      breakpoint (~> 2.4)
      sass (~> 3.3.0)
    toolkit (1.3.8)
      breakpoint (>= 2.0.6)
      color-schemer (>= 0.2.7)
      compass (>= 0.12.2)
      sassy-strings (>= 1.0.0)
      singularitygs (>= 1.1.2)

PLATFORMS
  ruby

DEPENDENCIES
  breakpoint (~> 2.4.1)
  compass (~> 1.0.0.alpha.20)
  rvm (~> 1.11.3.9)
  sass (~> 3.3.9)
  sass-globbing (~> 1.1.0)
  singularitygs (~> 1.2.0.rc.6)
  toolkit (~> 1.3.8)
